{
	"Modality": "MR",
	"MagneticFieldStrength": 3,
	"ImagingFrequency": 123.249,
	"Manufacturer": "Siemens",
	"ManufacturersModelName": "Skyra",
	"InstitutionName": "Princeton University - Neuroscience Institute",
	"InstitutionalDepartmentName": "Department",
	"InstitutionAddress": "Washington and Faculty Rd. - Building 25 25,Princeton,NJ,US,08540",
	"DeviceSerialNumber": "45031",
	"StationName": "AWP45031",
	"BodyPartExamined": "BRAIN",
	"PatientPosition": "HFS",
	"ProcedureStepDescription": "Norman_Mennen^5516_greenEyes",
	"SoftwareVersions": "syngo MR E11",
	"MRAcquisitionType": "3D",
	"SeriesDescription": "anat_ses-01_scout_MPR_cor",
	"ProtocolName": "anat_ses-01_scout",
	"ScanningSequence": "GR",
	"SequenceVariant": "SP",
	"ScanOptions": "PFP",
	"SequenceName": "*fl3d1_ns",
	"ImageType": ["DERIVED", "PRIMARY", "MPR", "ND", "NORM"],
	"RawImage": false,
	"SeriesNumber": 3,
	"AcquisitionTime": "11:27:44.100000",
	"AcquisitionNumber": 1,
	"SliceThickness": 1.6,
	"SAR": 0.029689,
	"EchoTime": 0.00137,
	"RepetitionTime": 0.00315,
	"FlipAngle": 8,
	"PartialFourier": 0.75,
	"BaseResolution": 160,
	"ShimSetting": [
		3363,
		8674,
		8876,
		41,
		109,
		-94,
		36,
		155	],
	"TxRefAmp": 360.859,
	"PhaseResolution": 1,
	"ReceiveCoilName": "HeadNeck_64",
	"ReceiveCoilActiveElements": "HC1-7;NC1,2",
	"PulseSequenceDetails": "%SiemensSeq%\\AALScout",
	"RefLinesPE": 24,
	"CoilCombinationMethod": "Adaptive Combine",
	"ConsistencyInfo": "N4_VE11C_LATEST_20160120",
	"MatrixCoilMode": "GRAPPA",
	"PercentPhaseFOV": 100,
	"PercentSampling": 100,
	"PhaseEncodingSteps": 118,
	"AcquisitionMatrixPE": 160,
	"ReconMatrixPE": 162,
	"ParallelReductionFactorInPlane": 3,
	"PixelBandwidth": 540,
	"DwellTime": 5.8e-06,
	"ImageOrientationPatientDICOM": [
		0.99919,
		-0.00351184,
		0.040093,
		0.0399268,
		0.211814,
		-0.976494	],
	"ImageOrientationText": "Cor>Tra(-12.2)>Sag(0.3)",
	"ConversionSoftware": "dcm2niix",
	"ConversionSoftwareVersion": "v1.0.20211006"
}
