{
	"Modality": "MR",
	"MagneticFieldStrength": 3,
	"ImagingFrequency": 123.249,
	"Manufacturer": "Siemens",
	"ManufacturersModelName": "Skyra",
	"InstitutionName": "Princeton University - Neuroscience Institute",
	"InstitutionalDepartmentName": "Department",
	"InstitutionAddress": "Washington and Faculty Rd. - Building 25 25,Princeton,NJ,US,08540",
	"DeviceSerialNumber": "45031",
	"StationName": "AWP45031",
	"BodyPartExamined": "BRAIN",
	"PatientPosition": "HFS",
	"ProcedureStepDescription": "Norman_Mennen^5516_greenEyes",
	"SoftwareVersions": "syngo MR E11",
	"MRAcquisitionType": "2D",
	"SeriesDescription": "func_ses-01_task-sound_run-01",
	"ProtocolName": "func_ses-01_task-sound_run-01",
	"ScanningSequence": "EP",
	"SequenceVariant": "SK",
	"ScanOptions": "FS",
	"SequenceName": "*epfid2d1_64",
	"ImageType": ["ORIGINAL", "PRIMARY", "M", "ND", "NORM", "MOSAIC"],
	"SeriesNumber": 8,
	"AcquisitionTime": "11:44:32.725000",
	"AcquisitionNumber": 1,
	"SliceThickness": 4,
	"SpacingBetweenSlices": 4,
	"SAR": 0.0929682,
	"EchoTime": 0.028,
	"RepetitionTime": 1.5,
	"FlipAngle": 64,
	"PartialFourier": 1,
	"BaseResolution": 64,
	"ShimSetting": [
		3381,
		8615,
		9370,
		473,
		199,
		-206,
		243,
		231	],
	"TxRefAmp": 360.859,
	"PhaseResolution": 1,
	"ReceiveCoilName": "HeadNeck_64",
	"ReceiveCoilActiveElements": "HC1-7",
	"PulseSequenceDetails": "%SiemensSeq%\\ep2d_bold",
	"RefLinesPE": 32,
	"CoilCombinationMethod": "Sum of Squares",
	"ConsistencyInfo": "N4_VE11C_LATEST_20160120",
	"MatrixCoilMode": "GRAPPA",
	"PercentPhaseFOV": 100,
	"PercentSampling": 100,
	"EchoTrainLength": 32,
	"PhaseEncodingSteps": 64,
	"AcquisitionMatrixPE": 64,
	"ReconMatrixPE": 64,
	"BandwidthPerPixelPhaseEncode": 43.403,
	"ParallelReductionFactorInPlane": 2,
	"EffectiveEchoSpacing": 0.000359998,
	"DerivedVendorReportedEchoSpacing": 0.000719996,
	"TotalReadoutTime": 0.0226799,
	"PixelBandwidth": 1565,
	"DwellTime": 5e-06,
	"PhaseEncodingDirection": "j-",
	"SliceTiming": [
		0,
		0.7675,
		0.055,
		0.8225,
		0.11,
		0.8775,
		0.165,
		0.9325,
		0.22,
		0.985,
		0.2725,
		1.04,
		0.3275,
		1.095,
		0.3825,
		1.15,
		0.4375,
		1.205,
		0.4925,
		1.26,
		0.5475,
		1.315,
		0.6025,
		1.37,
		0.6575,
		1.425,
		0.7125	],
	"ImageOrientationPatientDICOM": [
		0.999714,
		-0.00838295,
		0.0224008,
		0.00575803,
		0.993375,
		0.114774	],
	"ImageOrientationText": "Tra>Cor(6.6)>Sag(1.3)",
	"InPlanePhaseEncodingDirectionDICOM": "COL",
	"ConversionSoftware": "dcm2niix",
	"ConversionSoftwareVersion": "v1.0.20211006"
}
