{
	"Modality": "MR",
	"MagneticFieldStrength": 3,
	"ImagingFrequency": 123.249,
	"Manufacturer": "Siemens",
	"ManufacturersModelName": "Skyra",
	"InstitutionName": "Princeton University - Neuroscience Institute",
	"InstitutionalDepartmentName": "Department",
	"InstitutionAddress": "Washington and Faculty Rd. - Building 25 25,Princeton,NJ,US,08540",
	"DeviceSerialNumber": "45031",
	"StationName": "AWP45031",
	"BodyPartExamined": "BRAIN",
	"PatientPosition": "HFS",
	"ProcedureStepDescription": "Norman_Mennen^5516_greenEyes",
	"SoftwareVersions": "syngo MR E11",
	"MRAcquisitionType": "3D",
	"SeriesDescription": "anat_ses-01_T1w",
	"ProtocolName": "anat_ses-01_T1w",
	"ScanningSequence": "GR\\IR",
	"SequenceVariant": "SK\\SP\\MP",
	"ScanOptions": "IR",
	"SequenceName": "*tfl3d1_16ns",
	"ImageType": ["ORIGINAL", "PRIMARY", "M", "ND", "NORM"],
	"SeriesNumber": 5,
	"AcquisitionTime": "11:29:22.272500",
	"AcquisitionNumber": 1,
	"SliceThickness": 0.9,
	"SAR": 0.0790489,
	"EchoTime": 0.00308,
	"RepetitionTime": 2.3,
	"SpoilingState": true,
	"InversionTime": 0.9,
	"FlipAngle": 9,
	"PartialFourier": 1,
	"BaseResolution": 256,
	"ShimSetting": [
		3365,
		8604,
		9165,
		186,
		185,
		-943,
		291,
		102	],
	"TxRefAmp": 360.859,
	"PhaseResolution": 1,
	"ReceiveCoilName": "HeadNeck_64",
	"ReceiveCoilActiveElements": "HC1-7;NC1,2",
	"PulseSequenceDetails": "%SiemensSeq%\\tfl",
	"RefLinesPE": 128,
	"CoilCombinationMethod": "Adaptive Combine",
	"ConsistencyInfo": "N4_VE11C_LATEST_20160120",
	"MatrixCoilMode": "GRAPPA",
	"PercentPhaseFOV": 100,
	"PercentSampling": 100,
	"PhaseEncodingSteps": 255,
	"AcquisitionMatrixPE": 256,
	"ReconMatrixPE": 256,
	"ParallelReductionFactorInPlane": 2,
	"PixelBandwidth": 240,
	"DwellTime": 8.2e-06,
	"ImageOrientationPatientDICOM": [
		0.0012294,
		0.954106,
		0.299465,
		0.0238715,
		0.299352,
		-0.953844	],
	"ImageOrientationText": "Sag>Tra(-1.3)>Cor(0.5)",
	"InPlanePhaseEncodingDirectionDICOM": "ROW",
	"ConversionSoftware": "dcm2niix",
	"ConversionSoftwareVersion": "v1.0.20211006"
}
